GEM
  remote: https://rubygems.org/
  specs:
    dotenv (2.0.2)
    fantasy_football_nerd (1.1.3)

PLATFORMS
  ruby

DEPENDENCIES
  dotenv (~> 2.0.2)
  fantasy_football_nerd (~> 1.1.3)

BUNDLED WITH
   1.10.6
